GEM
  remote: https://rubygems.org/
  specs:
    mac-say (0.2.1)

PLATFORMS
  ruby

DEPENDENCIES
  mac-say

BUNDLED WITH
   2.0.1
